GEM
  remote: http://rubygems.org/
  specs:
    actionmailer (2.2.2)
      actionpack (= 2.2.2)
    actionpack (2.2.2)
      activesupport (= 2.2.2)
    activerecord (2.2.2)
      activesupport (= 2.2.2)
    activeresource (2.2.2)
      activesupport (= 2.2.2)
    activesupport (2.2.2)
    chardet (0.9.0)
    diff-lcs (1.1.3)
    gchartrb (0.8)
    hoe (2.15.0)
      rake (~> 0.8)
    hpricot (0.8.6)
    html5 (0.10.0)
      chardet (>= 0.9.0)
      hoe (>= 1.2.0)
    json (1.6.5)
    kgio (2.7.2)
    memcache-client (1.8.5)
    mime-types (1.17.2)
    pg (0.13.2)
    rack (1.4.1)
    rails (2.2.2)
      actionmailer (= 2.2.2)
      actionpack (= 2.2.2)
      activerecord (= 2.2.2)
      activeresource (= 2.2.2)
      activesupport (= 2.2.2)
      rake (>= 0.8.3)
    raindrops (0.8.0)
    rake (0.9.2.2)
    unicorn (4.2.0)
      kgio (~> 2.6)
      rack
      raindrops (~> 0.7)

PLATFORMS
  ruby

DEPENDENCIES
  diff-lcs
  gchartrb
  hpricot
  html5
  json
  memcache-client
  mime-types
  pg
  rails (= 2.2.2)
  unicorn
