GEM
  remote: http://rubygems.org/
  specs:
    actionmailer (2.3.14)
      actionpack (= 2.3.14)
    actionpack (2.3.14)
      activesupport (= 2.3.14)
      rack (~> 1.1.0)
    activerecord (2.3.14)
      activesupport (= 2.3.14)
    activeresource (2.3.14)
      activesupport (= 2.3.14)
    activesupport (2.3.14)
    builder (3.0.0)
    chardet (0.9.0)
    daemons (1.1.8)
    dalli (1.0.5)
    diff-lcs (1.1.3)
    exception_notification (2.3.3.0)
    gchartrb (0.8)
    geoip (1.1.2)
    hoe (3.0.6)
      rake (~> 0.8)
    hpricot (0.8.6)
    html5 (0.10.0)
      chardet (>= 0.9.0)
      hoe (>= 1.2.0)
    json (1.7.3)
    kgio (2.7.4)
    mime-types (1.18)
    newrelic_rpm (3.3.4.1)
    nokogiri (1.5.2)
    pg (0.13.2)
    puma (0.8.0)
    rack (1.1.3)
    rails (2.3.14)
      actionmailer (= 2.3.14)
      actionpack (= 2.3.14)
      activerecord (= 2.3.14)
      activeresource (= 2.3.14)
      activesupport (= 2.3.14)
      rake (>= 0.8.3)
    raindrops (0.9.0)
    rake (0.9.2.2)
    redhillonrails_core (1.2.0)
      activerecord (>= 2)
    repeated_auto_complete (0.1.3)
    sitemap_generator (3.1.1)
      builder
    unicorn (4.3.1)
      kgio (~> 2.6)
      rack
      raindrops (~> 0.7)
    will_paginate (2.3.16)

PLATFORMS
  ruby

DEPENDENCIES
  daemons
  dalli (~> 1.0.0)
  diff-lcs
  exception_notification (~> 2.3.0)
  gchartrb
  geoip
  hpricot
  html5
  json
  mime-types
  newrelic_rpm
  nokogiri
  pg
  puma
  rails (~> 2.3.0)
  redhillonrails_core
  repeated_auto_complete
  sitemap_generator
  unicorn
  will_paginate (~> 2.3.16)
