GEM
  remote: http://rubygems.org/
  specs:
    actionmailer (2.3.14)
      actionpack (= 2.3.14)
    actionpack (2.3.14)
      activesupport (= 2.3.14)
      rack (~> 1.1.0)
    activerecord (2.3.14)
      activesupport (= 2.3.14)
    activeresource (2.3.14)
      activesupport (= 2.3.14)
    activesupport (2.3.14)
    chardet (0.9.0)
    columnize (0.3.6)
    diff-lcs (1.1.3)
    gchartrb (0.8)
    hoe (2.15.0)
      rake (~> 0.8)
    hpricot (0.8.6)
    html5 (0.10.0)
      chardet (>= 0.9.0)
      hoe (>= 1.2.0)
    json (1.6.5)
    kgio (2.7.2)
    linecache (0.46)
      rbx-require-relative (> 0.0.4)
    memcache-client (1.8.5)
    mime-types (1.17.2)
    pg (0.13.2)
    rack (1.1.3)
    rails (2.3.14)
      actionmailer (= 2.3.14)
      actionpack (= 2.3.14)
      activerecord (= 2.3.14)
      activeresource (= 2.3.14)
      activesupport (= 2.3.14)
      rake (>= 0.8.3)
    raindrops (0.8.0)
    rake (0.9.2.2)
    rbx-require-relative (0.0.9)
    redhillonrails_core (1.2.0)
      activerecord (>= 2)
    ruby-debug (0.10.4)
      columnize (>= 0.1)
      ruby-debug-base (~> 0.10.4.0)
    ruby-debug-base (0.10.4)
      linecache (>= 0.3)
    unicorn (4.2.0)
      kgio (~> 2.6)
      rack
      raindrops (~> 0.7)

PLATFORMS
  ruby

DEPENDENCIES
  diff-lcs
  gchartrb
  hpricot
  html5
  json
  memcache-client
  mime-types
  pg
  rails (~> 2.3.0)
  redhillonrails_core
  ruby-debug
  unicorn
