GEM
  remote: http://rubygems.org/
  specs:
    actionmailer (2.3.14)
      actionpack (= 2.3.14)
    actionpack (2.3.14)
      activesupport (= 2.3.14)
      rack (~> 1.1.0)
    activerecord (2.3.14)
      activesupport (= 2.3.14)
    activeresource (2.3.14)
      activesupport (= 2.3.14)
    activesupport (2.3.14)
    chardet (0.9.0)
    daemons (1.1.8)
    diff-lcs (1.1.3)
    exception_notification (2.3.3.0)
    gchartrb (0.8)
    geoip (1.1.2)
    hoe (2.16.1)
      rake (~> 0.8)
    hpricot (0.8.6)
    html5 (0.10.0)
      chardet (>= 0.9.0)
      hoe (>= 1.2.0)
    json (1.6.5)
    kgio (2.7.3)
    memcache-client (1.8.5)
    mime-types (1.17.2)
    pg (0.13.2)
    rack (1.1.3)
    rails (2.3.14)
      actionmailer (= 2.3.14)
      actionpack (= 2.3.14)
      activerecord (= 2.3.14)
      activeresource (= 2.3.14)
      activesupport (= 2.3.14)
      rake (>= 0.8.3)
    raindrops (0.8.0)
    rake (0.9.2.2)
    redhillonrails_core (1.2.0)
      activerecord (>= 2)
    repeated_auto_complete (0.1.3)
    unicorn (4.2.0)
      kgio (~> 2.6)
      rack
      raindrops (~> 0.7)
    will_paginate (2.3.16)

PLATFORMS
  ruby

DEPENDENCIES
  daemons
  diff-lcs
  exception_notification (~> 2.3.0)
  gchartrb
  geoip
  hpricot
  html5
  json
  memcache-client
  mime-types
  pg
  rails (~> 2.3.0)
  redhillonrails_core
  repeated_auto_complete
  unicorn
  will_paginate (~> 2.3.16)
